RESTRICTION: == net45
NUGET
  remote: https://www.nuget.org/api/v2
    FAKE (3.30.3)
    FsCheck (2.0.6)
      FSharp.Core (>= 3.1.2.5)
    FSharp.Compiler.Service (0.0.67)
    FSharp.Core (4.0.0.1)
    FSharp.Formatting (2.4.36)
      FSharp.Compiler.Service (0.0.67)
      Microsoft.AspNet.Razor (2.0.30506)
      RazorEngine (3.3)
    Microsoft.AspNet.Razor (2.0.30506)
    NuGet.CommandLine (2.8.5)
    NUnit (2.6.4)
    NUnit.Runners (2.6.4)
    Octokit (0.23)
    OctopusTools (2.6.3.59)
    RazorEngine (3.3)
      Microsoft.AspNet.Razor (>= 2.0.30506)
    roundhouse (0.8.6)
    SourceLink.Fake (0.5)
GITHUB
  remote: fsharp/FAKE
    modules/Octokit/Octokit.fsx (291f58cc70aba6dd871cf18e66d2d88357e4f208)
      Octokit (>= 0.20)