NUGET
  remote: https://www.nuget.org/api/v2
    FAKE (4.40.1)
    FsCheck (2.0.6)
      FSharp.Core (>= 3.1.2.5)
    FSharp.Compiler.Service (0.0.67)
    FSharp.Core (4.0.0.1)
    FSharp.Formatting (2.4.36)
      FSharp.Compiler.Service (0.0.67)
      Microsoft.AspNet.Razor (2.0.30506)
      RazorEngine (3.3)
    Microsoft.AspNet.Razor (2.0.30506)
    Microsoft.Bcl (1.1.10) - framework: net10, net11, net20, net30, net35, net40, net40-full
      Microsoft.Bcl.Build (>= 1.0.14)
    Microsoft.Bcl.Build (1.0.21) - import_targets: false, framework: net10, net11, net20, net30, net35, net40, net40-full
    Microsoft.Net.Http (2.2.29) - framework: net10, net11, net20, net30, net35, net40, net40-full
      Microsoft.Bcl (>= 1.1.10)
      Microsoft.Bcl.Build (>= 1.0.14)
    NuGet.CommandLine (2.8.5)
    NUnit (2.6.4)
    NUnit.Runners (2.6.4)
    Octokit (0.23)
      Microsoft.Net.Http  - framework: net10, net11, net20, net30, net35, net40, net40-full
    OctopusTools (2.6.3.59)
    RazorEngine (3.3)
      Microsoft.AspNet.Razor (>= 2.0.30506)
    roundhouse (0.8.6)
    SourceLink.Fake (0.5)
GITHUB
  remote: fsharp/FAKE
    modules/Octokit/Octokit.fsx (889bda9367dfb24f9abb524165a0dbe2cdd86252)
      Octokit (>= 0.20)